GEM
  remote: https://rubygems.org/
  specs:
    docile (1.3.2)
    json (2.2.0)
    minitest (5.12.2)
    rake (13.0.0)
    simplecov (0.17.1)
      docile (~> 1.1)
      json (>= 1.8, < 3)
      simplecov-html (~> 0.10.0)
    simplecov-html (0.10.2)

PLATFORMS
  ruby

DEPENDENCIES
  minitest (~> 5.12.2)
  rake
  simplecov (~> 0.17.1)

BUNDLED WITH
   2.0.2
