GEM
  remote: https://rubygems.org/
  specs:
    diff-lcs (1.3)
    minitest (5.12.2)
    parallel (1.18.0)
    parallel_tests (2.29.2)
      parallel
    rake (13.0.0)
    rspec (3.9.0)
      rspec-core (~> 3.9.0)
      rspec-expectations (~> 3.9.0)
      rspec-mocks (~> 3.9.0)
    rspec-core (3.9.0)
      rspec-support (~> 3.9.0)
    rspec-expectations (3.9.0)
      diff-lcs (>= 1.2.0, < 2.0)
      rspec-support (~> 3.9.0)
    rspec-mocks (3.9.0)
      diff-lcs (>= 1.2.0, < 2.0)
      rspec-support (~> 3.9.0)
    rspec-support (3.9.0)

PLATFORMS
  ruby
  x64-mingw32

DEPENDENCIES
  minitest (>= 5.12.2)
  parallel_tests (~> 2.7, >= 2.7.1)
  rake (>= 13.0.0)
  rspec (>= 3.9.0)

BUNDLED WITH
   2.0.2
